PATH
  remote: .
  specs:
    geocoder_here_maps (0.3.0)
      geocoder (>= 1.5.1, < 1.7.0)

GEM
  remote: https://rubygems.org/
  specs:
    diff-lcs (1.3)
    geocoder (1.6.3)
    rake (10.5.0)
    rspec (3.8.0)
      rspec-core (~> 3.8.0)
      rspec-expectations (~> 3.8.0)
      rspec-mocks (~> 3.8.0)
    rspec-core (3.8.0)
      rspec-support (~> 3.8.0)
    rspec-expectations (3.8.2)
      diff-lcs (>= 1.2.0, < 2.0)
      rspec-support (~> 3.8.0)
    rspec-mocks (3.8.0)
      diff-lcs (>= 1.2.0, < 2.0)
      rspec-support (~> 3.8.0)
    rspec-support (3.8.0)

PLATFORMS
  ruby

DEPENDENCIES
  bundler (~> 1.17)
  geocoder_here_maps!
  rake (~> 10.0)
  rspec (~> 3.0)

BUNDLED WITH
   1.17.1
